PATH
  remote: .
  specs:
    i18n-message (0.0.1)
      activesupport
      i18n

GEM
  remote: http://rubygems.org/
  specs:
    activesupport (3.0.1)
    i18n (0.4.2)
    test_declarative (0.0.4)

PLATFORMS
  ruby

DEPENDENCIES
  activesupport
  i18n
  i18n-message!
  test_declarative
